GIT
  remote: http://github.com/saulabs/reportable.git
  revision: 286b96ea8b45f001cc5099ad7307ab7270e1ae28
  specs:
    reportable (1.1.2)
      activerecord (>= 2.0.0)
      activesupport (>= 2.0.0)

GEM
  remote: http://rubygems.org/
  specs:
    BlueCloth (1.0.1)
    actionmailer (2.3.16)
      actionpack (= 2.3.16)
    actionpack (2.3.16)
      activesupport (= 2.3.16)
      rack (~> 1.1.0)
    activerecord (2.3.16)
      activesupport (= 2.3.16)
    activeresource (2.3.16)
      activesupport (= 2.3.16)
    activesupport (2.3.16)
    aws-s3 (0.5.1)
      builder
      mime-types
      xml-simple
    builder (3.0.0)
    diff-lcs (1.1.3)
    googlecharts (1.6.7)
    haml (2.0.9)
    hpricot (0.8.4)
    kgio (2.6.0)
    mime-types (1.16)
    mysql2 (0.2.13)
    newrelic_rpm (3.5.6.46)
    nokogiri (1.5.0)
    rack (1.1.5)
    rails (2.3.16)
      actionmailer (= 2.3.16)
      actionpack (= 2.3.16)
      activerecord (= 2.3.16)
      activeresource (= 2.3.16)
      activesupport (= 2.3.16)
      rake (>= 0.8.3)
    raindrops (0.7.0)
    rake (10.0.3)
    rmagick (2.13.1)
    rspec (2.6.0)
      rspec-core (~> 2.6.0)
      rspec-expectations (~> 2.6.0)
      rspec-mocks (~> 2.6.0)
    rspec-core (2.6.4)
    rspec-expectations (2.6.0)
      diff-lcs (~> 1.1.2)
    rspec-mocks (2.6.0)
    rspec-rails (1.3.2)
      rack (>= 1.0.0)
      rspec (>= 1.3.0)
    ruby-mp3info (0.6.15)
    rubyzip (0.9.4)
    unicorn (4.1.1)
      kgio (~> 2.4)
      rack
      raindrops (~> 0.6)
    will_paginate (2.3.16)
    xml-simple (1.1.0)

PLATFORMS
  ruby

DEPENDENCIES
  BlueCloth
  aws-s3 (~> 0.5.0)
  googlecharts
  haml (= 2.0.9)
  hpricot
  mime-types
  mysql2 (~> 0.2.7)
  newrelic_rpm
  nokogiri
  rails (= 2.3.16)
  reportable!
  rmagick
  rspec (>= 1.2.0)
  rspec-rails (>= 1.2.0)
  ruby-mp3info
  rubyzip
  unicorn
  will_paginate (~> 2.3.14)
